GIT
  remote: git://github.com/salama/salama-arm.git
  revision: 00b175d354046a6228f66a980822eae974ca807a
  specs:
    salama-arm (0.3.0)

GIT
  remote: git://github.com/salama/salama-object-file.git
  revision: f2aad98ff93a816aca7b47bea0751974a72b1e72
  specs:
    salama-object-file (0.3.0)

GIT
  remote: git://github.com/salama/salama-reader.git
  revision: 6ae4b624b07bb86ceb24acb27ad0ac83be2ecc1e
  specs:
    salama-reader (0.4.0)
      ast (~> 2.1.0)
      parslet (~> 1.7.1)

GIT
  remote: git://github.com/whitequark/ast.git
  revision: 63db4686b33228e8f703cb7328e5e5c62aa3cd92
  specs:
    ast (2.1.0)

PATH
  remote: .
  specs:
    salama (0.3.0)
      salama-object-file (~> 0.3)
      salama-reader (~> 0.3)

GEM
  remote: http://rubygems.org/
  specs:
    blankslate (3.1.3)
    codeclimate-test-reporter (0.4.8)
      simplecov (>= 0.7.1, < 1.0.0)
    coderay (1.1.0)
    docile (1.1.5)
    ffi (1.9.10)
    ffi (1.9.10-x64-mingw32)
    formatador (0.2.5)
    guard (2.13.0)
      formatador (>= 0.2.4)
      listen (>= 2.7, <= 4.0)
      lumberjack (~> 1.0)
      nenv (~> 0.1)
      notiffany (~> 0.0)
      pry (>= 0.9.12)
      shellany (~> 0.0)
      thor (>= 0.18.1)
    guard-compat (1.2.1)
    guard-minitest (2.4.4)
      guard-compat (~> 1.2)
      minitest (>= 3.0)
    json (1.8.3)
    listen (3.0.3)
      rb-fsevent (>= 0.9.3)
      rb-inotify (>= 0.9)
    lumberjack (1.0.9)
    method_source (0.8.2)
    minitest (5.8.1)
    nenv (0.2.0)
    notiffany (0.0.8)
      nenv (~> 0.1)
      shellany (~> 0.0)
    parslet (1.7.1)
      blankslate (>= 2.0, <= 4.0)
    pry (0.10.2)
      coderay (~> 1.1.0)
      method_source (~> 0.8.1)
      slop (~> 3.4)
    pry (0.10.2-x64-mingw32)
      coderay (~> 1.1.0)
      method_source (~> 0.8.1)
      slop (~> 3.4)
      win32console (~> 1.3)
    rake (10.4.2)
    rb-fsevent (0.9.6)
    rb-inotify (0.9.5)
      ffi (>= 0.5.0)
    shellany (0.0.1)
    simplecov (0.10.0)
      docile (~> 1.1.0)
      json (~> 1.8)
      simplecov-html (~> 0.10.0)
    simplecov-html (0.10.0)
    slop (3.6.0)
    thor (0.19.1)
    win32console (1.3.2)

PLATFORMS
  ruby
  x64-mingw32

DEPENDENCIES
  ast!
  codeclimate-test-reporter
  guard
  guard-minitest
  minitest
  rake
  salama!
  salama-arm!
  salama-object-file!
  salama-reader!

BUNDLED WITH
   1.10.6
