GEM
  remote: http://rubygems.org/
  specs:
    blankslate (2.1.2.4)
    docile (1.1.3)
    minitest (5.3.2)
    multi_json (1.9.2)
    parslet (1.6.1)
      blankslate (~> 2.0)
    simplecov (0.8.2)
      docile (~> 1.1.0)
      multi_json
      simplecov-html (~> 0.8.0)
    simplecov-html (0.8.0)

PLATFORMS
  ruby

DEPENDENCIES
  minitest
  parslet (~> 1.6.1)
  simplecov
