GIT
  remote: git://github.com/salama/salama-arm.git
  revision: 0bd5091e3f284ecf040e0086a41d2449cd5afb7a
  specs:
    salama-arm (0.0.1)

GIT
  remote: git://github.com/salama/salama-object-file.git
  revision: fbae6a02764dbe97e01e4833f9ffffe09879b100
  specs:
    salama-object-file (0.2.0)

GIT
  remote: git://github.com/salama/salama-reader.git
  revision: 8e07a7568f4b41d0f9b06c6c851b4fa785b88fc4
  specs:
    salama-reader (0.2.0)
      ast (~> 2.1.0)
      parslet (~> 1.7.0)

PATH
  remote: .
  specs:
    salama (0.2.0)
      salama-object-file (~> 0.2)
      salama-reader (~> 0.2)

GEM
  remote: http://rubygems.org/
  specs:
    ast (2.1.0)
    blankslate (3.1.3)
    codeclimate-test-reporter (0.4.6)
      simplecov (>= 0.7.1, < 1.0.0)
    coderay (1.1.0)
    docile (1.1.5)
    ffi (1.9.10)
    ffi (1.9.10-x64-mingw32)
    formatador (0.2.5)
    guard (2.13.0)
      formatador (>= 0.2.4)
      listen (>= 2.7, <= 4.0)
      lumberjack (~> 1.0)
      nenv (~> 0.1)
      notiffany (~> 0.0)
      pry (>= 0.9.12)
      shellany (~> 0.0)
      thor (>= 0.18.1)
    guard-compat (1.2.1)
    guard-minitest (2.4.4)
      guard-compat (~> 1.2)
      minitest (>= 3.0)
    listen (3.0.3)
      rb-fsevent (>= 0.9.3)
      rb-inotify (>= 0.9)
    lumberjack (1.0.9)
    method_source (0.8.2)
    minitest (5.6.1)
    multi_json (1.11.2)
    nenv (0.2.0)
    notiffany (0.0.7)
      nenv (~> 0.1)
      shellany (~> 0.0)
    parslet (1.7.1)
      blankslate (>= 2.0, <= 4.0)
    pry (0.10.1)
      coderay (~> 1.1.0)
      method_source (~> 0.8.1)
      slop (~> 3.4)
    pry (0.10.1-x64-mingw32)
      coderay (~> 1.1.0)
      method_source (~> 0.8.1)
      slop (~> 3.4)
      win32console (~> 1.3)
    rake (10.4.2)
    rb-fsevent (0.9.5)
    rb-inotify (0.9.5)
      ffi (>= 0.5.0)
    shellany (0.0.1)
    simplecov (0.9.2)
      docile (~> 1.1.0)
      multi_json (~> 1.0)
      simplecov-html (~> 0.9.0)
    simplecov-html (0.9.0)
    slop (3.6.0)
    thor (0.19.1)
    win32console (1.3.2)

PLATFORMS
  ruby
  x64-mingw32

DEPENDENCIES
  codeclimate-test-reporter
  guard
  guard-minitest
  minitest
  rake
  salama!
  salama-arm!
  salama-object-file!
  salama-reader!

BUNDLED WITH
   1.10.5
