PATH
  remote: .
  specs:
    salama (0.2.0)
      salama-object-file (~> 0.2)
      salama-reader (~> 0.2)

GEM
  remote: http://rubygems.org/
  specs:
    blankslate (3.1.3)
    minitest (5.6.1)
    parslet (1.7.0)
      blankslate (>= 2.0, <= 4.0)
    rake (10.4.2)
    rubygems-tasks (0.2.4)
    salama-object-file (0.2.0)
    salama-reader (0.2.0)
      parslet (~> 1.7.0)

PLATFORMS
  ruby
  x64-mingw32

DEPENDENCIES
  minitest
  rake
  rubygems-tasks
  salama!
