GIT
  remote: git://github.com/salama/salama-arm.git
  revision: 0bd5091e3f284ecf040e0086a41d2449cd5afb7a
  specs:
    salama-arm (0.0.1)

GIT
  remote: git://github.com/salama/salama-object-file.git
  revision: fbae6a02764dbe97e01e4833f9ffffe09879b100
  specs:
    salama-object-file (0.2.0)

GIT
  remote: git://github.com/salama/salama-reader.git
  revision: 841592c667acea1e796f950851262e6938b231bc
  specs:
    salama-reader (0.2.0)
      parslet (~> 1.7.0)

PATH
  remote: .
  specs:
    salama (0.2.0)
      salama-object-file (~> 0.2)
      salama-reader (~> 0.2)

GEM
  remote: http://rubygems.org/
  specs:
    blankslate (3.1.3)
    codeclimate-test-reporter (0.4.6)
      simplecov (>= 0.7.1, < 1.0.0)
    docile (1.1.5)
    minitest (5.6.1)
    multi_json (1.11.2)
    parslet (1.7.0)
      blankslate (>= 2.0, <= 4.0)
    rake (10.4.2)
    rubygems-tasks (0.2.4)
    simplecov (0.9.2)
      docile (~> 1.1.0)
      multi_json (~> 1.0)
      simplecov-html (~> 0.9.0)
    simplecov-html (0.9.0)

PLATFORMS
  ruby
  x64-mingw32

DEPENDENCIES
  codeclimate-test-reporter
  minitest
  rake
  rubygems-tasks
  salama!
  salama-arm!
  salama-object-file!
  salama-reader!

BUNDLED WITH
   1.10.5
