GIT
  remote: https://github.com/salama/salama-reader.git
  revision: 1272af6c660efe0af93d7f5ad87d98bd04ce5d22
  specs:
    salama-reader (0.0.2)

GEM
  remote: http://rubygems.org/
  specs:
    blankslate (2.1.2.4)
    minitest (5.3.2)
    parslet (1.6.1)
      blankslate (~> 2.0)

PLATFORMS
  ruby
  x64-mingw32

DEPENDENCIES
  minitest
  parslet
  salama-reader (= 0.0.2)!
