GIT
  remote: git://github.com/salama/salama-object-file.git
  revision: 9e49f2e725dbad48edc151419882b159505b2e9b
  specs:
    salama-object-file (0.2.0)

GIT
  remote: git://github.com/salama/salama-reader.git
  revision: f790b5d76a2c3473d2503bca65e998985b3e67cc
  specs:
    salama-reader (0.2.0)
      parslet (~> 1.7.0)

PATH
  remote: .
  specs:
    salama (0.2.0)
      salama-object-file (~> 0.2)
      salama-reader (~> 0.2)

GEM
  remote: http://rubygems.org/
  specs:
    blankslate (3.1.3)
    minitest (5.6.1)
    parslet (1.7.0)
      blankslate (>= 2.0, <= 4.0)
    rake (10.4.2)
    rubygems-tasks (0.2.4)

PLATFORMS
  ruby
  x64-mingw32

DEPENDENCIES
  minitest
  rake
  rubygems-tasks
  salama!
  salama-object-file!
  salama-reader!
