GIT
  remote: https://github.com/salama/salama-object-file.git
  revision: 217eda2436ed6b6e579641aeef4d04beea7fdaa6
  specs:
    salama-object-file (0.1)

GEM
  remote: http://rubygems.org/
  specs:
    blankslate (3.1.3)
    minitest (5.6.1)
    parslet (1.7.0)
      blankslate (>= 2.0, <= 4.0)
    salama-reader (0.0.3)

PLATFORMS
  ruby
  x64-mingw32

DEPENDENCIES
  minitest
  parslet
  salama-object-file (= 0.1)!
  salama-reader (= 0.0.3)
